GEM
  remote: http://rubygems.org/
  specs:
    activesupport (3.0.1)
    archive-tar-minitar (0.5.2)
    autotest (4.4.1)
    autotest-screen (0.1.0.1)
    columnize (0.3.1)
    diff-lcs (1.1.2)
    gemcutter (0.5.0)
      json_pure
    git (1.2.5)
    jeweler (1.4.0)
      gemcutter (>= 0.1.0)
      git (>= 1.2.5)
      rubyforge (>= 2.0.0)
    json_pure (1.4.6)
    linecache19 (0.5.11)
      ruby_core_source (>= 0.1.4)
    rake (0.8.7)
    rspec (2.0.0)
      rspec-core (= 2.0.0)
      rspec-expectations (= 2.0.0)
      rspec-mocks (= 2.0.0)
    rspec-core (2.0.0)
    rspec-expectations (2.0.0)
      diff-lcs (>= 1.1.2)
    rspec-mocks (2.0.0)
      rspec-core (= 2.0.0)
      rspec-expectations (= 2.0.0)
    ruby-debug-base19 (0.11.24)
      columnize (>= 0.3.1)
      linecache19 (>= 0.5.11)
      ruby_core_source (>= 0.1.4)
    ruby-debug19 (0.11.6)
      columnize (>= 0.3.1)
      linecache19 (>= 0.5.11)
      ruby-debug-base19 (>= 0.11.19)
    ruby_core_source (0.1.4)
      archive-tar-minitar (>= 0.5.2)
    rubyforge (2.0.4)
      json_pure (>= 1.1.7)
    trollop (1.16.2)
    yard (0.6.1)

PLATFORMS
  ruby

DEPENDENCIES
  activesupport (~> 3.0)
  autotest
  autotest-screen
  gemcutter (~> 0.5.0)
  jeweler
  rake
  rspec (>= 2.0.0.beta.16)
  ruby-debug19
  trollop
  yard
