GEM
  remote: http://rubygems.org/
  specs:
    ZenTest (4.4.0)
    activesupport (3.0.1)
    autotest-screen (0.1.0.1)
    diff-lcs (1.1.2)
    gemcutter (0.6.1)
    git (1.2.5)
    jeweler (1.4.0)
      gemcutter (>= 0.1.0)
      git (>= 1.2.5)
      rubyforge (>= 2.0.0)
    json_pure (1.4.6)
    rake (0.8.7)
    rspec (2.0.0)
      rspec-core (= 2.0.0)
      rspec-expectations (= 2.0.0)
      rspec-mocks (= 2.0.0)
    rspec-core (2.0.0)
    rspec-expectations (2.0.0)
      diff-lcs (>= 1.1.2)
    rspec-mocks (2.0.0)
      rspec-core (= 2.0.0)
      rspec-expectations (= 2.0.0)
    rubyforge (2.0.4)
      json_pure (>= 1.1.7)
    trollop (1.16.2)
    yard (0.6.1)

PLATFORMS
  ruby

DEPENDENCIES
  ZenTest
  activesupport (~> 3.0)
  autotest-screen
  gemcutter
  jeweler
  rake
  rspec (>= 2.0.0.beta.16)
  trollop
  yard
